GEM
  remote: http://rubygems.org/
  specs:
    rack (1.5.1)
    rack-protection (1.3.2)
      rack
    rakismet (1.3.0)
    redis (3.0.2)
    sinatra (1.3.3)
      rack (~> 1.3, >= 1.3.6)
      rack-protection (~> 1.2)
      tilt (~> 1.3, >= 1.3.3)
    tilt (1.3.3)

PLATFORMS
  ruby

DEPENDENCIES
  rack
  rakismet
  redis
  sinatra
