GEM
  remote: http://rubygems.org/
  specs:
    rack (1.5.1)
    rakismet (1.3.0)
    redis (3.0.2)

PLATFORMS
  ruby

DEPENDENCIES
  rack
  rakismet
  redis
